GEM
  remote: https://rubygems.org/
  specs:
    activesupport (5.0.1)
      concurrent-ruby (~> 1.0, >= 1.0.2)
      i18n (~> 0.7)
      minitest (~> 5.1)
      tzinfo (~> 1.1)
    aws-sdk (2.7.7)
      aws-sdk-resources (= 2.7.7)
    aws-sdk-core (2.7.7)
      aws-sigv4 (~> 1.0)
      jmespath (~> 1.0)
    aws-sdk-resources (2.7.7)
      aws-sdk-core (= 2.7.7)
    aws-sigv4 (1.0.0)
    bson (4.2.1)
    builder (3.2.3)
    chrono (0.3.0)
      activesupport
    concurrent-ruby (1.0.4)
    diff-lcs (1.3)
    fakes3 (1.0.0)
      builder
      thor
    i18n (0.8.0)
    jmespath (1.3.1)
    minitest (5.10.1)
    mongo (2.4.1)
      bson (>= 4.2.1, < 5.0.0)
    rspec (3.5.0)
      rspec-core (~> 3.5.0)
      rspec-expectations (~> 3.5.0)
      rspec-mocks (~> 3.5.0)
    rspec-core (3.5.4)
      rspec-support (~> 3.5.0)
    rspec-expectations (3.5.0)
      diff-lcs (>= 1.2.0, < 2.0)
      rspec-support (~> 3.5.0)
    rspec-mocks (3.5.0)
      diff-lcs (>= 1.2.0, < 2.0)
      rspec-support (~> 3.5.0)
    rspec-support (3.5.0)
    thor (0.19.4)
    thread_safe (0.3.5)
    tzinfo (1.2.2)
      thread_safe (~> 0.1)

PLATFORMS
  ruby

DEPENDENCIES
  aws-sdk
  chrono
  fakes3
  mongo
  rspec
  thor

BUNDLED WITH
   1.14.3
