GEM
  remote: https://rubygems.org/
  specs:
    activesupport (5.0.1)
      concurrent-ruby (~> 1.0, >= 1.0.2)
      i18n (~> 0.7)
      minitest (~> 5.1)
      tzinfo (~> 1.1)
    aws-sdk (2.7.5)
      aws-sdk-resources (= 2.7.5)
    aws-sdk-core (2.7.5)
      aws-sigv4 (~> 1.0)
      jmespath (~> 1.0)
    aws-sdk-resources (2.7.5)
      aws-sdk-core (= 2.7.5)
    aws-sigv4 (1.0.0)
    chrono (0.3.0)
      activesupport
    concurrent-ruby (1.0.4)
    i18n (0.8.0)
    jmespath (1.3.1)
    minitest (5.10.1)
    thor (0.19.4)
    thread_safe (0.3.5)
    tzinfo (1.2.2)
      thread_safe (~> 0.1)

PLATFORMS
  ruby

DEPENDENCIES
  aws-sdk
  chrono
  thor

BUNDLED WITH
   1.14.3
