GEM
  remote: https://rubygems.org/
  specs:
    activesupport (5.0.1)
      concurrent-ruby (~> 1.0, >= 1.0.2)
      i18n (~> 0.7)
      minitest (~> 5.1)
      tzinfo (~> 1.1)
    aruba (0.14.2)
      childprocess (~> 0.5.6)
      contracts (~> 0.9)
      cucumber (>= 1.3.19)
      ffi (~> 1.9.10)
      rspec-expectations (>= 2.99)
      thor (~> 0.19)
    aws-sdk (2.7.7)
      aws-sdk-resources (= 2.7.7)
    aws-sdk-core (2.7.7)
      aws-sigv4 (~> 1.0)
      jmespath (~> 1.0)
    aws-sdk-resources (2.7.7)
      aws-sdk-core (= 2.7.7)
    aws-sigv4 (1.0.0)
    builder (3.2.3)
    childprocess (0.5.9)
      ffi (~> 1.0, >= 1.0.11)
    chrono (0.3.0)
      activesupport
    concurrent-ruby (1.0.4)
    contracts (0.14.0)
    cucumber (2.4.0)
      builder (>= 2.1.2)
      cucumber-core (~> 1.5.0)
      cucumber-wire (~> 0.0.1)
      diff-lcs (>= 1.1.3)
      gherkin (~> 4.0)
      multi_json (>= 1.7.5, < 2.0)
      multi_test (>= 0.1.2)
    cucumber-core (1.5.0)
      gherkin (~> 4.0)
    cucumber-wire (0.0.1)
    diff-lcs (1.3)
    fakes3 (1.0.0)
      builder
      thor
    ffi (1.9.17)
    gherkin (4.0.0)
    i18n (0.8.0)
    jmespath (1.3.1)
    minitest (5.10.1)
    multi_json (1.12.1)
    multi_test (0.1.2)
    rspec (3.5.0)
      rspec-core (~> 3.5.0)
      rspec-expectations (~> 3.5.0)
      rspec-mocks (~> 3.5.0)
    rspec-core (3.5.4)
      rspec-support (~> 3.5.0)
    rspec-expectations (3.5.0)
      diff-lcs (>= 1.2.0, < 2.0)
      rspec-support (~> 3.5.0)
    rspec-mocks (3.5.0)
      diff-lcs (>= 1.2.0, < 2.0)
      rspec-support (~> 3.5.0)
    rspec-support (3.5.0)
    thor (0.19.4)
    thread_safe (0.3.5)
    tzinfo (1.2.2)
      thread_safe (~> 0.1)

PLATFORMS
  ruby

DEPENDENCIES
  aruba (~> 0.14.2)
  aws-sdk
  chrono
  fakes3
  rspec
  thor

BUNDLED WITH
   1.14.3
